GEM
  remote: http://rubygems.org/
  specs:
    actionmailer (2.3.11)
      actionpack (= 2.3.11)
    actionpack (2.3.11)
      activesupport (= 2.3.11)
      rack (~> 1.1.0)
    activerecord (2.3.11)
      activesupport (= 2.3.11)
    activeresource (2.3.11)
      activesupport (= 2.3.11)
    activesupport (2.3.11)
    authlogic (2.1.6)
      activesupport
    builder (3.0.0)
    capybara (0.3.9)
      culerity (>= 0.2.4)
      mime-types (>= 1.16)
      nokogiri (>= 1.3.3)
      rack (>= 1.0.0)
      rack-test (>= 0.5.4)
      selenium-webdriver (>= 0.0.3)
    cgi_multipart_eof_fix (2.5.0)
    childprocess (0.1.6)
      ffi (~> 0.6.3)
    chronic (0.2.3)
      hoe (>= 1.2.1)
    cucumber (0.10.0)
      builder (>= 2.1.2)
      diff-lcs (~> 1.1.2)
      gherkin (~> 2.3.2)
      json (~> 1.4.6)
      term-ansicolor (~> 1.0.5)
    cucumber-rails (0.3.2)
      cucumber (>= 0.8.0)
    culerity (0.2.15)
    daemons (1.0.10)
    database_cleaner (0.5.2)
    diff-lcs (1.1.2)
    fakefs (0.2.1)
    fastthread (1.0.7)
    ffi (0.6.3)
      rake (>= 0.8.7)
    gem_plugin (0.2.3)
    gherkin (2.3.3)
      json (~> 1.4.6)
    hoe (2.9.1)
      rake (>= 0.8.7)
    i18n (0.6.0)
    imagesize (0.1.1)
    json (1.4.6)
    json_pure (1.5.1)
    mime-types (1.16)
    mocha (0.9.11)
      rake
    mongrel (1.1.5)
      cgi_multipart_eof_fix (>= 2.4)
      daemons (>= 1.0.3)
      fastthread (>= 1.0.1)
      gem_plugin (>= 0.2.3)
    mysql (2.8.1)
    nokogiri (1.5.0)
    packet (0.1.15)
    rack (1.1.0)
    rack-test (0.5.7)
      rack (>= 1.0)
    rails (2.3.11)
      actionmailer (= 2.3.11)
      actionpack (= 2.3.11)
      activerecord (= 2.3.11)
      activeresource (= 2.3.11)
      activesupport (= 2.3.11)
      rake (>= 0.8.3)
    rake (0.8.7)
    rcov (0.9.8)
    rio (0.4.2)
    rubyzip (0.9.4)
    selenium-webdriver (0.1.2)
      childprocess (~> 0.1.5)
      ffi (~> 0.6.3)
      json_pure
      rubyzip
    shoulda (2.11.3)
    sqlite3 (1.3.3)
    term-ansicolor (1.0.5)
    toname (0.1.2)
    uuidtools (2.1.1)
    yayimdbs (0.2.5)
      activesupport
      i18n
      nokogiri (>= 1.4.2)

PLATFORMS
  ruby

DEPENDENCIES
  authlogic (= 2.1.6)
  capybara (~> 0.3.8)
  chronic (= 0.2.3)
  cucumber (~> 0.10.0)
  cucumber-rails (~> 0.3.2)
  culerity (~> 0.2.10)
  database_cleaner (~> 0.5.2)
  fakefs (= 0.2.1)
  imagesize (= 0.1.1)
  mocha (= 0.9.11)
  mongrel (~> 1.1.5)
  mysql (~> 2.8.1)
  packet (= 0.1.15)
  rails (~> 2.3.11)
  rcov (= 0.9.8)
  rio (= 0.4.2)
  shoulda
  sqlite3
  toname
  uuidtools (= 2.1.1)
  yayimdbs (~> 0.2.1)
